GEM
  remote: http://rubygems.org/
  specs:
    oauth (0.4.5)
    rack (1.6.8)
    rack-protection (1.1.4)
      rack
    sinatra (1.3.1)
      rack (~> 1.3, >= 1.3.4)
      rack-protection (~> 1.1, >= 1.1.2)
      tilt (~> 1.3, >= 1.3.3)
    tilt (1.3.3)

PLATFORMS
  ruby

DEPENDENCIES
  oauth (= 0.4.5)
  sinatra (= 1.3.1)

BUNDLED WITH
   1.16.1
