GEM
  remote: http://rubygems.org/
  specs:
    oauth (0.5.5)
    rack (1.6.11)
    rack-protection (1.5.5)
      rack
    sinatra (1.3.1)
      rack (~> 1.3, >= 1.3.4)
      rack-protection (~> 1.1, >= 1.1.2)
      tilt (~> 1.3, >= 1.3.3)
    tilt (1.4.1)

PLATFORMS
  ruby

DEPENDENCIES
  oauth (= 0.5.5)
  sinatra (= 1.3.1)

BUNDLED WITH
   1.17.2
